GEM
  remote: https://rubygems.org/
  specs:
    httparty (0.16.4)
      mime-types (~> 3.0)
      multi_xml (>= 0.5.2)
    json (2.3.1)
    mime-types (3.3.1)
      mime-types-data (~> 3.2015)
    mime-types-data (3.2020.0512)
    multi_xml (0.6.0)

PLATFORMS
  ruby

DEPENDENCIES
  httparty (~> 0.16.4)!
  json (~> 2.1)!

RUBY VERSION
   ruby 2.6.5p114

BUNDLED WITH
   1.17.3
